GEM
  remote: https://rubygems.org/
  specs:
    asciidoctor (1.5.8)

PLATFORMS
  ruby

DEPENDENCIES
  asciidoctor (~> 1.5.6)

BUNDLED WITH
   2.0.2
